PATH
  remote: .
  specs:
    csv2strings (0.2)

GEM
  remote: http://rubygems.org/
  specs:
    metaclass (0.0.1)
    mocha (0.10.5)
      metaclass (~> 0.0.1)
    rake (0.9.2.2)
    test-unit (2.4.8)

PLATFORMS
  ruby

DEPENDENCIES
  csv2strings!
  mocha
  rake
  test-unit
